PATH
  remote: .
  specs:
    droplet_ctl (0.0.1)

GEM
  remote: https://rubygems.org/
  specs:
    rake (10.4.2)

PLATFORMS
  ruby

DEPENDENCIES
  bundler (~> 1.9)
  droplet_ctl!
  rake (~> 10.0)
